STORAGE: NONE
RESTRICTION: == net6.0
NUGET
  remote: https://api.nuget.org/v3/index.json
    Aardvark.Application (5.2.18)
      Aardvark.Base.Essentials (>= 5.2.11 < 5.3)
      Aardvark.Base.Incremental (>= 5.2.11 < 5.3)
      Aardvark.Rendering (5.2.18)
      FShade.Core (>= 5.2.9 < 5.3)
      FShade.GLSL (>= 5.2.9)
      FSharp.Core (>= 5.0)
    Aardvark.Application.Slim (5.2.18)
      Aardvark.Application (5.2.18)
      Aardvark.Base.Essentials (>= 5.2.11 < 5.3)
      Aardvark.Base.Incremental (>= 5.2.11 < 5.3)
      Aardvark.Base.Runtime (>= 5.2.11 < 5.3)
      Aardvark.Rendering (5.2.18)
      FShade (>= 5.2.9 < 5.3)
      FSharp.Core (>= 5.0)
      Silk.NET.GLFW (2.15)
      Unofficial.OpenTK (>= 3.0.19 < 3.1)
    Aardvark.Application.Slim.GL (5.2.18)
      Aardvark.Application (5.2.18)
      Aardvark.Application.Slim (5.2.18)
      Aardvark.Base.Essentials (>= 5.2.11 < 5.3)
      Aardvark.Base.Incremental (>= 5.2.11 < 5.3)
      Aardvark.Base.Runtime (>= 5.2.11 < 5.3)
      Aardvark.Base.Tensors (>= 5.2.11 < 5.3)
      Aardvark.Rendering (5.2.18)
      Aardvark.Rendering.GL (5.2.18)
      FShade (>= 5.2.9 < 5.3)
      FSharp.Core (>= 5.0)
      Silk.NET.Core (2.15)
      Silk.NET.GLFW (2.15)
      Unofficial.OpenTK (>= 3.0.19 < 3.1)
    Aardvark.Application.Slim.Vulkan (5.2.18)
      Aardvark.Application (5.2.18)
      Aardvark.Application.Slim (5.2.18)
      Aardvark.Base.Essentials (>= 5.2.11 < 5.3)
      Aardvark.Base.Incremental (>= 5.2.11 < 5.3)
      Aardvark.Base.Runtime (>= 5.2.11 < 5.3)
      Aardvark.Rendering (5.2.18)
      Aardvark.Rendering.Vulkan (5.2.18)
      FShade (>= 5.2.9 < 5.3)
      FSharp.Core (>= 5.0)
      GLSLangSharp (>= 0.4.14 < 0.5)
      Silk.NET.GLFW (2.15)
      Unofficial.OpenTK (>= 3.0.19 < 3.1)
    Aardvark.Assembler (0.0.8)
      Aardvark.Base (>= 5.2.7 < 5.3)
      Aardvark.Base.Runtime (>= 5.2.7 < 5.3)
      FSharp.Core (>= 5.0)
      FSharp.Data.Adaptive (>= 1.2.13 < 1.3)
    Aardvark.Base (5.2.29)
      Aardvark.Base.Telemetry (5.2.29)
      System.Collections.Immutable (>= 5.0)
      System.Text.Json (>= 4.7.2)
    Aardvark.Base.Essentials (5.2.29)
      Aardvark.Base (5.2.29)
      System.Collections.Immutable (>= 5.0)
    Aardvark.Base.FSharp (5.2.29)
      Aardvark.Base (5.2.29)
      Aardvark.Base.TypeProviders (>= 4.5.15 < 4.6)
      FSharp.Core (>= 5.0)
      FSharp.Data.Adaptive (>= 1.2 < 1.3)
      FsPickler (>= 5.3.2 < 5.4)
      System.Dynamic.Runtime (>= 4.3 < 4.4)
    Aardvark.Base.Incremental (5.2.29)
      Aardvark.Base (5.2.29)
      Aardvark.Base.FSharp (5.2.29)
      Aardvark.Base.TypeProviders (>= 4.5.15 < 4.6)
      FSharp.Core (>= 5.0)
      FSharp.Data.Adaptive (>= 1.2 < 1.3)
      FsPickler (>= 5.3.2 < 5.4)
    Aardvark.Base.Runtime (5.2.29)
      Aardvark.Base.FSharp (5.2.29)
      Aardvark.Base.Incremental (5.2.29)
      Aardvark.Base.TypeProviders (>= 4.5.15 < 4.6)
      FSharp.Core (>= 5.0)
      FSharp.Data.Adaptive (>= 1.2 < 1.3)
      FsPickler (>= 5.3.2 < 5.4)
    Aardvark.Base.Telemetry (5.2.29)
    Aardvark.Base.Tensors (5.2.29)
      Aardvark.Base (5.2.29)
      Aardvark.Base.FSharp (5.2.29)
      FSharp.Core (>= 5.0)
      SixLabors.ImageSharp (>= 2.1.3 < 2.2)
    Aardvark.Base.TypeProviders (4.5.15)
      FSharp.Core (>= 4.2.3)
    Aardvark.Build (1.0.22)
    Aardvark.Geometry (5.2.29)
      Aardvark.Base (5.2.29)
      Aardvark.Base.FSharp (5.2.29)
      Aardvark.Base.Tensors (5.2.29)
      Aardvark.Base.TypeProviders (>= 4.5.15 < 4.6)
      FSharp.Core (>= 5.0)
      FSharp.Data.Adaptive (>= 1.2 < 1.3)
      FsPickler (>= 5.3.2 < 5.4)
      Unofficial.LibTessDotNet (>= 2.0.2 < 2.1)
    Aardvark.Rendering (5.2.18)
      Aardvark.Base.Essentials (>= 5.2.11 < 5.3)
      Aardvark.Base.Incremental (>= 5.2.11 < 5.3)
      Aardvark.Base.Tensors (>= 5.2.11 < 5.3)
      FShade.Core (>= 5.2.9 < 5.3)
      FShade.GLSL (>= 5.2.9)
      FSharp.Core (>= 5.0)
      FSharp.Data.Adaptive (>= 1.2.13 < 1.3)
    Aardvark.Rendering.GL (5.2.18)
      Aardvark.Assembler (>= 0.0.6 < 0.1)
      Aardvark.Base.Essentials (>= 5.2.11 < 5.3)
      Aardvark.Base.Incremental (>= 5.2.11 < 5.3)
      Aardvark.Base.Runtime (>= 5.2.11 < 5.3)
      Aardvark.Base.Tensors (>= 5.2.11 < 5.3)
      Aardvark.Geometry (>= 5.2.11 < 5.3)
      Aardvark.Rendering (5.2.18)
      FShade (>= 5.2.9 < 5.3)
      FSharp.Core (>= 5.0)
      Unofficial.OpenTK (>= 3.0.19 < 3.1)
    Aardvark.Rendering.Text (5.2.18)
      Aardvark.Base.Incremental (>= 5.2.11 < 5.3)
      Aardvark.Rendering (5.2.18)
      Aardvark.SceneGraph (5.2.18)
      CommonMark.NET (>= 0.15.1 < 0.16)
      FShade.Core (>= 5.2.9 < 5.3)
      FShade.GLSL (>= 5.2.9)
      FSharp.Core (>= 5.0)
      Unofficial.LibTessDotNet (>= 2.0.2 < 2.1)
      Unofficial.Typography (>= 0.1 < 0.2)
    Aardvark.Rendering.Vulkan (5.2.18)
      Aardvark.Base.Incremental (>= 5.2.11 < 5.3)
      Aardvark.Base.Runtime (>= 5.2.11 < 5.3)
      Aardvark.Base.Tensors (>= 5.2.11 < 5.3)
      Aardvark.Rendering (5.2.18)
      FShade (>= 5.2.9 < 5.3)
      FSharp.Core (>= 5.0)
      GLSLangSharp (>= 0.4.14 < 0.5)
    Aardvark.SceneGraph (5.2.18)
      Aardvark.Base.Incremental (>= 5.2.11 < 5.3)
      Aardvark.Rendering (5.2.18)
      FShade.Core (>= 5.2.9 < 5.3)
      FShade.GLSL (>= 5.2.9)
      FSharp.Core (>= 5.0)
    Aardvark.SceneGraph.IO (5.2.18)
      Aardvark.Base.Incremental (>= 5.2.11 < 5.3)
      Aardvark.Base.Tensors (>= 5.2.11 < 5.3)
      Aardvark.Rendering (5.2.18)
      Aardvark.SceneGraph (5.2.18)
      AssimpNet (>= 5.0.0-beta1 < 5.1.0-beta)
      FShade.Core (>= 5.2.9 < 5.3)
      FShade.GLSL (>= 5.2.9)
      FSharp.Core (>= 5.0)
    AssimpNet (5.0.0-beta1)
      NETStandard.Library (>= 1.6.1)
    CommandLineParser.FSharp (2.9.1)
      FSharp.Core (>= 4.5.1)
    CommonMark.NET (0.15.1)
    Expecto (9.0.4)
      FSharp.Core (>= 4.6)
      Mono.Cecil (>= 0.11.3)
    Expecto.FsCheck (9.0.4)
      Expecto (>= 9.0.4)
      FsCheck (>= 2.14.3)
    FsCheck (2.16.6)
      FSharp.Core (>= 4.2.3)
    FShade (5.2.17)
      FShade.Core (5.2.17)
      FShade.GLSL (5.2.17)
      FShade.Imperative (5.2.17)
      FShade.SpirV (5.2.17)
    FShade.Core (5.2.17)
      Aardvark.Base (>= 5.2 < 5.3)
      Aardvark.Base.FSharp (>= 5.2 < 5.3)
      FShade.Imperative (5.2.17)
      FSharp.Core (>= 5.0)
    FShade.GLSL (5.2.17)
      Aardvark.Base (>= 5.2 < 5.3)
      Aardvark.Base.FSharp (>= 5.2 < 5.3)
      FShade.Core (5.2.17)
      FShade.Imperative (5.2.17)
      FSharp.Core (>= 5.0)
    FShade.Imperative (5.2.17)
      Aardvark.Base (>= 5.2 < 5.3)
      Aardvark.Base.FSharp (>= 5.2 < 5.3)
      FSharp.Core (>= 5.0)
      FsPickler (>= 5.3.2 < 5.4)
    FShade.SpirV (5.2.17)
      Aardvark.Base (>= 5.2 < 5.3)
      Aardvark.Base.FSharp (>= 5.2 < 5.3)
      FShade.Core (5.2.17)
      FShade.Imperative (5.2.17)
      FSharp.Core (>= 5.0)
    FSharp.Core (5.0.1)
    FSharp.Data.Adaptive (1.2.14)
      FSharp.Core (>= 4.7)
      System.Reflection.Emit.Lightweight (>= 4.6)
    FsPickler (5.3.2)
      FSharp.Core (>= 4.3.2)
      System.Reflection.Emit.Lightweight (>= 4.3)
    GLSLangSharp (0.4.15)
      FSharp.Core (>= 5.0)
    Microsoft.CSharp (4.7)
    Microsoft.DotNet.PlatformAbstractions (3.1.6)
    Microsoft.Extensions.DependencyModel (8.0)
      System.Text.Encodings.Web (>= 8.0)
      System.Text.Json (>= 8.0)
    Microsoft.NETCore.Platforms (7.0.4)
    Microsoft.NETCore.Targets (5.0)
    Mono.Cecil (0.11.5)
    NETStandard.Library (2.0.3)
      Microsoft.NETCore.Platforms (>= 1.1)
    Silk.NET.Core (2.15)
      Microsoft.CSharp (>= 4.7)
      Microsoft.DotNet.PlatformAbstractions (>= 3.1.6)
      Microsoft.Extensions.DependencyModel (>= 5.0)
      System.Memory (>= 4.5.4)
      System.Numerics.Vectors (>= 4.5)
      System.Runtime.CompilerServices.Unsafe (>= 6.0)
    Silk.NET.GLFW (2.15)
      Silk.NET.Core (>= 2.15)
      Ultz.Native.GLFW (>= 3.3.3.1)
    SixLabors.ImageSharp (2.1.6)
      System.Runtime.CompilerServices.Unsafe (>= 5.0)
      System.Text.Encoding.CodePages (>= 5.0)
    System.Collections (4.3)
      Microsoft.NETCore.Platforms (>= 1.1)
      Microsoft.NETCore.Targets (>= 1.1)
      System.Runtime (>= 4.3)
    System.Collections.Immutable (8.0)
      System.Runtime.CompilerServices.Unsafe (>= 6.0)
    System.Diagnostics.Debug (4.3)
      Microsoft.NETCore.Platforms (>= 1.1)
      Microsoft.NETCore.Targets (>= 1.1)
      System.Runtime (>= 4.3)
    System.Dynamic.Runtime (4.3)
      System.Collections (>= 4.3)
      System.Diagnostics.Debug (>= 4.3)
      System.Linq (>= 4.3)
      System.Linq.Expressions (>= 4.3)
      System.ObjectModel (>= 4.3)
      System.Reflection (>= 4.3)
      System.Reflection.Emit (>= 4.3)
      System.Reflection.Emit.ILGeneration (>= 4.3)
      System.Reflection.Primitives (>= 4.3)
      System.Reflection.TypeExtensions (>= 4.3)
      System.Resources.ResourceManager (>= 4.3)
      System.Runtime (>= 4.3)
      System.Runtime.Extensions (>= 4.3)
      System.Threading (>= 4.3)
    System.Globalization (4.3)
      Microsoft.NETCore.Platforms (>= 1.1)
      Microsoft.NETCore.Targets (>= 1.1)
      System.Runtime (>= 4.3)
    System.IO (4.3)
      Microsoft.NETCore.Platforms (>= 1.1)
      Microsoft.NETCore.Targets (>= 1.1)
      System.Runtime (>= 4.3)
      System.Text.Encoding (>= 4.3)
      System.Threading.Tasks (>= 4.3)
    System.Linq (4.3)
      System.Collections (>= 4.3)
      System.Diagnostics.Debug (>= 4.3)
      System.Resources.ResourceManager (>= 4.3)
      System.Runtime (>= 4.3)
      System.Runtime.Extensions (>= 4.3)
    System.Linq.Expressions (4.3)
      System.Collections (>= 4.3)
      System.Diagnostics.Debug (>= 4.3)
      System.Globalization (>= 4.3)
      System.IO (>= 4.3)
      System.Linq (>= 4.3)
      System.ObjectModel (>= 4.3)
      System.Reflection (>= 4.3)
      System.Reflection.Emit (>= 4.3)
      System.Reflection.Emit.ILGeneration (>= 4.3)
      System.Reflection.Emit.Lightweight (>= 4.3)
      System.Reflection.Extensions (>= 4.3)
      System.Reflection.Primitives (>= 4.3)
      System.Reflection.TypeExtensions (>= 4.3)
      System.Resources.ResourceManager (>= 4.3)
      System.Runtime (>= 4.3)
      System.Runtime.Extensions (>= 4.3)
      System.Threading (>= 4.3)
    System.Memory (4.5.5)
    System.Numerics.Vectors (4.5)
    System.ObjectModel (4.3)
      System.Collections (>= 4.3)
      System.Diagnostics.Debug (>= 4.3)
      System.Resources.ResourceManager (>= 4.3)
      System.Runtime (>= 4.3)
      System.Threading (>= 4.3)
    System.Reflection (4.3)
      Microsoft.NETCore.Platforms (>= 1.1)
      Microsoft.NETCore.Targets (>= 1.1)
      System.IO (>= 4.3)
      System.Reflection.Primitives (>= 4.3)
      System.Runtime (>= 4.3)
    System.Reflection.Emit (4.7)
    System.Reflection.Emit.ILGeneration (4.7)
    System.Reflection.Emit.Lightweight (4.7)
    System.Reflection.Extensions (4.3)
      Microsoft.NETCore.Platforms (>= 1.1)
      Microsoft.NETCore.Targets (>= 1.1)
      System.Reflection (>= 4.3)
      System.Runtime (>= 4.3)
    System.Reflection.Primitives (4.3)
      Microsoft.NETCore.Platforms (>= 1.1)
      Microsoft.NETCore.Targets (>= 1.1)
      System.Runtime (>= 4.3)
    System.Reflection.TypeExtensions (4.7)
    System.Resources.ResourceManager (4.3)
      Microsoft.NETCore.Platforms (>= 1.1)
      Microsoft.NETCore.Targets (>= 1.1)
      System.Globalization (>= 4.3)
      System.Reflection (>= 4.3)
      System.Runtime (>= 4.3)
    System.Runtime (4.3.1)
      Microsoft.NETCore.Platforms (>= 1.1.1)
      Microsoft.NETCore.Targets (>= 1.1.3)
    System.Runtime.CompilerServices.Unsafe (6.0)
    System.Runtime.Extensions (4.3.1)
      Microsoft.NETCore.Platforms (>= 1.1.1)
      Microsoft.NETCore.Targets (>= 1.1.3)
      System.Runtime (>= 4.3.1)
    System.Text.Encoding (4.3)
      Microsoft.NETCore.Platforms (>= 1.1)
      Microsoft.NETCore.Targets (>= 1.1)
      System.Runtime (>= 4.3)
    System.Text.Encoding.CodePages (8.0)
      System.Runtime.CompilerServices.Unsafe (>= 6.0)
    System.Text.Encodings.Web (8.0)
      System.Runtime.CompilerServices.Unsafe (>= 6.0)
    System.Text.Json (8.0.1)
      System.Runtime.CompilerServices.Unsafe (>= 6.0)
      System.Text.Encodings.Web (>= 8.0)
    System.Threading (4.3)
      System.Runtime (>= 4.3)
      System.Threading.Tasks (>= 4.3)
    System.Threading.Tasks (4.3)
      Microsoft.NETCore.Platforms (>= 1.1)
      Microsoft.NETCore.Targets (>= 1.1)
      System.Runtime (>= 4.3)
    Ultz.Native.GLFW (3.3.9.2)
    Unofficial.LibTessDotNet (2.0.2)
    Unofficial.OpenTK (3.0.21)
    Unofficial.Typography (0.1)
      System.Numerics.Vectors (>= 4.5)
